GEM
  remote: https://rubygems.org/
  specs:
    mini_portile2 (2.8.0)
    nokogiri (1.13.2)
      mini_portile2 (~> 2.8.0)
      racc (~> 1.4)
    racc (1.6.0)
    slack-incoming-webhooks (0.3.0)

PLATFORMS
  ruby

DEPENDENCIES
  nokogiri
  slack-incoming-webhooks

RUBY VERSION
   ruby 2.7.0p0

BUNDLED WITH
   2.1.2
